GEM
  remote: https://rubygems.org/
  specs:
    Ascii85 (1.1.1)
    afm (0.2.2)
    bigdecimal (3.1.8)
    chunky_png (1.3.15)
    concurrent-ruby (1.2.3)
    convolver-light (0.3.3)
      narray (>= 0.6.0.8)
    dry-configurable (1.1.0)
      dry-core (~> 1.0, < 2)
      zeitwerk (~> 2.6)
    dry-core (1.0.1)
      concurrent-ruby (~> 1.0)
      zeitwerk (~> 2.6)
    dry-inflector (1.0.0)
    dry-initializer (3.1.1)
    dry-logic (1.5.0)
      concurrent-ruby (~> 1.0)
      dry-core (~> 1.0, < 2)
      zeitwerk (~> 2.6)
    dry-schema (1.13.4)
      concurrent-ruby (~> 1.0)
      dry-configurable (~> 1.0, >= 1.0.1)
      dry-core (~> 1.0, < 2)
      dry-initializer (~> 3.0)
      dry-logic (>= 1.4, < 2)
      dry-types (>= 1.7, < 2)
      zeitwerk (~> 2.6)
    dry-types (1.7.2)
      bigdecimal (~> 3.0)
      concurrent-ruby (~> 1.0)
      dry-core (~> 1.0)
      dry-inflector (~> 1.0)
      dry-logic (~> 1.4)
      zeitwerk (~> 2.6)
    dry-validation (1.10.0)
      concurrent-ruby (~> 1.0)
      dry-core (~> 1.0, < 2)
      dry-initializer (~> 3.0)
      dry-schema (>= 1.12, < 2)
      zeitwerk (~> 2.6)
    hashery (2.1.2)
    iguvium (0.9.3)
      convolver-light (~> 0.3.1)
      matrix
      oily_png (~> 1.2)
      pdf-reader (~> 2.1)
      slop (~> 4.2)
    matrix (0.4.2)
    narray (0.6.1.2)
    oily_png (1.2.1)
      chunky_png (~> 1.3.7)
    pdf-reader (2.12.0)
      Ascii85 (~> 1.0)
      afm (~> 0.2.1)
      hashery (~> 2.0)
      ruby-rc4
      ttfunk
    ruby-rc4 (0.1.5)
    semverse (3.0.2)
    slop (4.10.1)
    tomlib (0.7.2)
      bigdecimal
    ttfunk (1.8.0)
      bigdecimal (~> 3.1)
    yaml (0.3.0)
    zeitwerk (2.6.15)

PLATFORMS
  ruby
  x86_64-linux

DEPENDENCIES
  dry-types
  dry-validation
  iguvium
  semverse
  tomlib
  yaml

BUNDLED WITH
   2.5.10
